GEM
  remote: http://rubygems.org/
  specs:
    activerecord (2.3.9)
      activesupport (= 2.3.9)
    activesupport (2.3.9)
    composite_primary_keys (2.3.5.1)
      activerecord (>= 2.3.5)
    diff-lcs (1.1.2)
    rake (0.9.2)
    rspec (2.6.0)
      rspec-core (~> 2.6.0)
      rspec-expectations (~> 2.6.0)
      rspec-mocks (~> 2.6.0)
    rspec-core (2.6.4)
    rspec-expectations (2.6.0)
      diff-lcs (~> 1.1.2)
    rspec-mocks (2.6.0)
    sqlite3 (1.3.4)

PLATFORMS
  ruby

DEPENDENCIES
  activerecord (>= 2.3.9)
  activesupport (>= 2.3.9)
  composite_primary_keys
  rake
  rspec (>= 2.6.0)
  sqlite3 (~> 1.3.4)
